GEM
  remote: https://rubygems.org/
  specs:
    byebug (11.1.3)
    jwt (2.7.0)

PLATFORMS
  ruby

DEPENDENCIES
  byebug (~> 11.1)
  jwt (~> 2.7)

BUNDLED WITH
   2.4.6
